PATH
  remote: /home/tomazy/workspace/digitalocean
  specs:
    digitalocean (1.0.0.rc.2)
      faraday
      faraday_middleware
      recursive-open-struct

GEM
  remote: https://rubygems.org/
  specs:
    dotenv (0.9.0)
    faraday (0.8.9)
      multipart-post (~> 1.2.0)
    faraday_middleware (0.9.0)
      faraday (>= 0.7.4, < 0.9)
    multipart-post (1.2.0)
    recursive-open-struct (0.4.5)
    terminal-table (1.4.5)
    thor (0.18.1)

PLATFORMS
  ruby

DEPENDENCIES
  digitalocean!
  dotenv
  terminal-table
  thor
